GEM
  remote: https://rubygems.org/
  specs:
    addressable (2.5.0)
      public_suffix (~> 2.0, >= 2.0.2)
    asciidoctor (1.5.5)
    coderay (1.1.1)
    colorator (1.1.0)
    em-websocket (0.5.1)
      eventmachine (>= 0.12.9)
      http_parser.rb (~> 0.6.0)
    eventmachine (1.2.1-x86-mingw32)
    ffi (1.9.14-x86-mingw32)
    forwardable-extended (2.6.0)
    http_parser.rb (0.6.0)
    jekyll (3.3.1)
      addressable (~> 2.4)
      colorator (~> 1.0)
      jekyll-sass-converter (~> 1.0)
      jekyll-watch (~> 1.1)
      kramdown (~> 1.3)
      liquid (~> 3.0)
      mercenary (~> 0.3.3)
      pathutil (~> 0.9)
      rouge (~> 1.7)
      safe_yaml (~> 1.0)
    jekyll-asciidoc (2.0.1)
      asciidoctor (>= 1.5.0)
      jekyll (>= 2.3.0)
    jekyll-feed (0.8.0)
      jekyll (~> 3.3)
    jekyll-livereload (0.2.2)
      em-websocket (~> 0.5)
      jekyll (~> 3.0)
    jekyll-sass-converter (1.5.0)
      sass (~> 3.4)
    jekyll-watch (1.5.0)
      listen (~> 3.0, < 3.1)
    kramdown (1.13.1)
    liquid (3.0.6)
    listen (3.0.8)
      rb-fsevent (~> 0.9, >= 0.9.4)
      rb-inotify (~> 0.9, >= 0.9.7)
    mercenary (0.3.6)
    minima (2.1.0)
      jekyll (~> 3.3)
    pathutil (0.14.0)
      forwardable-extended (~> 2.6)
    posix-spawn (0.3.12)
    public_suffix (2.0.4)
    pygments.rb (0.6.3)
      posix-spawn (~> 0.3.6)
      yajl-ruby (~> 1.2.0)
    rb-fsevent (0.9.8)
    rb-inotify (0.9.7)
      ffi (>= 0.5.0)
    rouge (1.11.1)
    safe_yaml (1.0.4)
    sass (3.4.22)
    wdm (0.1.1)
    yajl-ruby (1.2.1)

PLATFORMS
  x86-mingw32

DEPENDENCIES
  coderay
  jekyll (= 3.3.1)
  jekyll-asciidoc
  jekyll-feed (~> 0.6)
  jekyll-livereload
  minima (~> 2.0)
  pygments.rb
  wdm (>= 0.1.0)

RUBY VERSION
   ruby 2.2.5p319

BUNDLED WITH
   1.13.6
